GIT
  remote: https://github.com/jeremyevans/roda.git
  revision: 7055e4b7d994558addfdf471a79ce62b5740d0df
  specs:
    roda (1.0.0)
      rack

GEM
  remote: https://rubygems.org/
  specs:
    erubis (2.7.0)
    kgio (2.8.1)
    pg (0.17.1)
    rack (1.5.2)
    rack-protection (1.5.3)
      rack
    raindrops (0.10.0)
    sass (3.4.7)
    sequel (4.14.0)
    sequel_pg (1.6.11)
      pg (>= 0.8.0)
      sequel (>= 3.39.0)
    thamble (1.0.0)
      rack
    tilt (2.0.1)
    unicorn (4.8.0)
      kgio (~> 2.6)
      rack
      raindrops (~> 0.7)

PLATFORMS
  ruby

DEPENDENCIES
  erubis
  rack-protection
  roda!
  sass
  sequel (>= 4.8.0)
  sequel_pg (>= 1.6.8)
  thamble
  tilt
  unicorn
