GEM
  remote: https://rubygems.org/
  specs:
    autoforme (1.0.0)
      forme (>= 0.9.2)
      rack
      sequel (>= 3.0.0)
    forme (1.0.0)
    kgio (2.8.1)
    pg (0.17.1)
    rack (1.5.2)
    rack-protection (1.5.3)
      rack
    raindrops (0.10.0)
    roda (0.9.0)
      rack
    sequel (4.12.0)
    sequel_pg (1.6.9)
      pg (>= 0.8.0)
      sequel (>= 3.39.0)
    thamble (1.0.0)
      rack
    tilt (1.4.1)
    unicorn (4.8.0)
      kgio (~> 2.6)
      rack
      raindrops (~> 0.7)

PLATFORMS
  ruby

DEPENDENCIES
  autoforme
  rack-protection
  roda
  sequel (>= 4.8.0)
  sequel_pg (>= 1.6.8)
  thamble
  tilt
  unicorn
